GEM
  remote: https://rubygems.org/
  specs:
    addressable (2.5.2)
      public_suffix (>= 2.0.2, < 4.0)
    capybara (3.12.0)
      addressable
      mini_mime (>= 0.1.3)
      nokogiri (~> 1.8)
      rack (>= 1.6.0)
      rack-test (>= 0.6.3)
      regexp_parser (~> 1.2)
      xpath (~> 3.2)
    childprocess (0.9.0)
      ffi (~> 1.0, >= 1.0.11)
    diff-lcs (1.3)
    dotenv (2.6.0)
    ffi (1.10.0)
    mini_mime (1.0.1)
    mini_portile2 (2.4.0)
    nokogiri (1.10.0)
      mini_portile2 (~> 2.4.0)
    public_suffix (3.0.3)
    rack (2.0.6)
    rack-test (1.1.0)
      rack (>= 1.0, < 3)
    rake (12.3.2)
    regexp_parser (1.3.0)
    rspec (3.8.0)
      rspec-core (~> 3.8.0)
      rspec-expectations (~> 3.8.0)
      rspec-mocks (~> 3.8.0)
    rspec-core (3.8.0)
      rspec-support (~> 3.8.0)
    rspec-expectations (3.8.2)
      diff-lcs (>= 1.2.0, < 2.0)
      rspec-support (~> 3.8.0)
    rspec-mocks (3.8.0)
      diff-lcs (>= 1.2.0, < 2.0)
      rspec-support (~> 3.8.0)
    rspec-support (3.8.0)
    rubyzip (1.2.2)
    selenium-webdriver (3.141.0)
      childprocess (~> 0.5)
      rubyzip (~> 1.2, >= 1.2.2)
    site_prism (3.0.1)
      addressable (~> 2.5)
      capybara (>= 2.18, < 4.0)
    xpath (3.2.0)
      nokogiri (~> 1.8)

PLATFORMS
  ruby

DEPENDENCIES
  capybara (>= 3.12.0)
  dotenv
  rake (>= 12.3.1)
  rspec (>= 3.7.0)
  selenium-webdriver (>= 3.14.0)
  site_prism (>= 3.0)

RUBY VERSION
   ruby 2.5.1p57

BUNDLED WITH
   1.16.2
